PATH
  remote: .
  specs:
    rspec-rails (1.3.4)
      rack (>= 1.0.0)
      rspec (~> 1.3.1)

GEM
  remote: http://rubygems.org/
  specs:
    builder (3.2.2)
    cucumber (1.3.20)
      builder (>= 2.1.2)
      diff-lcs (>= 1.1.3)
      gherkin (~> 2.12)
      multi_json (>= 1.7.5, < 2.0)
      multi_test (>= 0.1.2)
    diff-lcs (1.2.5)
    gherkin (2.12.2)
      multi_json (~> 1.3)
    multi_json (1.11.2)
    multi_test (0.1.2)
    rack (1.4.7)
    rspec (1.3.2)

PLATFORMS
  ruby

DEPENDENCIES
  cucumber (>= 0.3.99)
  rack (= 1.4.7)
  rspec-rails!

BUNDLED WITH
   1.16.1
